GEM
  remote: https://rubygems.org/
  specs:
    date (3.2.0)
    json (2.6.0)
    open-uri (0.2.0)
      stringio
      time
      uri
    stringio (3.0.1)
    time (0.2.0)
      date
    uri (0.11.0)

PLATFORMS
  x86_64-linux

DEPENDENCIES
  json
  open-uri

BUNDLED WITH
   2.2.21
